{
    "Manufacturer": "Bruker BioSpin MRI GmbH",
    "ManufacturersModelName": "BioSpec 117/16 AV3HD",
    "DeviceSerialNumber": 10208087,
    "StationName": "BioSpec 117/16 AV3HD",
    "SoftwareVersion": "6.0.1",
    "MagneticFieldStrength": 11.750656007888153,
    "ReceiveCoilName": "Value was not specified",
    "ReceiveCoilActiveElements": "Value was not specified",
    "GradientSetType": "Value was not specified",
    "MRTransmitCoilSequence": {
        "Name": null,
        "Manufacture": null,
        "Type": null
    },
    "CoilConfigName": "Value was not specified",
    "MatrixCoilMode": "ParallelExperiment",
    "CoilCombinationMethod": "Value was not specified",
    "PulseSequenceType": "FLASH.ppg",
    "ScanningSequence": "Bruker:FLASH",
    "SequenceVariant": "GradientEcho",
    "ScanOptions": {
        "RG": "No",
        "CG": "No",
        "PFF": 1.1,
        "PFP": 1,
        "FC": "FlowNone",
        "SP": "On",
        "FP": "FatSuppression"
    },
    "SequenceName": "T1_FLASH_3D",
    "PulseSequenceDetails": "T1_FLASH_3D (E3)",
    "NonlinearGradientCorrection": "RectilinearTraversal",
    "NumberShots": 1,
    "ParallelReductionFactorInPlane": 1,
    "ParallelAcquisitionTechnique": "Value was not specified",
    "PartialFourier": [
        1.1,
        1,
        1
    ],
    "PartialFourierDirection": "Value was not specified",
    "PhaseEncodingDirection": "j",
    "EffectiveEchoSpacing": 4.3555555555555477e-05,
    "TotalReadoutTime": 0.003919999999999993,
    "EchoTime": 0.0027655022536017897,
    "InversionTime": "Value was not specified",
    "SliceTiming": 0.0,
    "SliceEncodingDirection": "k",
    "DwellTime": 0.003919999999999993,
    "FlipAngle": 25,
    "MultibandAccerlationFactor": "Value was not specified",
    "AnatomicalLandmarkCoordinates": "Value was not specified",
    "InstitutionName": "SBIC Singapore",
    "InstitutionAddress": "Value was not specified",
    "InstitutionalDepartmentName": "Value was not specified"
}